PATH
  remote: .
  specs:
    simple_wiki_converter (0.1.1)

GEM
  remote: https://rubygems.org/
  specs:
    minitest (5.20.0)
    rake (13.1.0)

PLATFORMS
  arm64-darwin-22
  ruby

DEPENDENCIES
  minitest (~> 5.16)
  rake (~> 13.0)
  simple_wiki_converter!

BUNDLED WITH
   2.5.3
